PATH
  remote: .
  specs:
    encrypted_attributes (0.4.1)
      encrypted_strings (>= 0.3.3)

GEM
  remote: http://www.rubygems.org/
  specs:
    encrypted_strings (0.3.3)

PLATFORMS
  ruby

DEPENDENCIES
  encrypted_attributes!
